GEM
  remote: https://rubygems.org/
  specs:
    rainbow (3.1.1)

PLATFORMS
  x86_64-linux

DEPENDENCIES
  rainbow

RUBY VERSION
   ruby 3.1.3p185

BUNDLED WITH
   2.3.26
